GEM
  remote: http://rubygems.org/
  specs:
    git (1.2.5)
    jeweler (1.6.4)
      bundler (~> 1.0)
      git (>= 1.2.5)
      rake
    json (1.4.6)
    macaddr (1.5.0)
      systemu (>= 2.4.0)
    metaclass (0.0.1)
    mocha (0.10.3)
      metaclass (~> 0.0.1)
    rack (1.4.0)
    rack-protection (1.2.0)
      rack
    rake (0.9.2.2)
    redis (2.2.2)
    redis-namespace (1.1.0)
      redis (< 3.0.0)
    redisk (0.2.2)
      redis (>= 0.1.1)
      redis-namespace (>= 0.1.0)
    resque (1.15.0)
      json (~> 1.4.6)
      redis-namespace (>= 0.10.0)
      sinatra (>= 0.9.2)
      vegas (~> 0.1.2)
    shoulda (2.11.3)
    sinatra (1.3.2)
      rack (~> 1.3, >= 1.3.6)
      rack-protection (~> 1.2)
      tilt (~> 1.3, >= 1.3.3)
    systemu (2.4.2)
    tilt (1.3.3)
    uuid (2.3.4)
      macaddr (~> 1.0)
    vegas (0.1.8)
      rack (>= 1.0.0)

PLATFORMS
  ruby

DEPENDENCIES
  jeweler
  mocha (>= 0.9.8)
  redisk (>= 0.2.1)
  resque (>= 1.3.1)
  shoulda (>= 2.10.2)
  uuid (>= 2.0.2)
